GEM
  remote: http://rubygems.org/
  specs:
    faraday (0.13.1)
      multipart-post (>= 1.2, < 3)
    multipart-post (2.0.0)
    mustermann (1.0.1)
    rack (2.0.3)
    rack-protection (2.0.0)
      rack
    sinatra (2.0.0)
      mustermann (~> 1.0)
      rack (~> 2.0)
      rack-protection (= 2.0.0)
      tilt (~> 2.0)
    stripe (3.3.2)
      faraday (~> 0.9)
    tilt (2.0.8)

PLATFORMS
  ruby

DEPENDENCIES
  sinatra
  stripe

BUNDLED WITH
   1.15.4
